PATH
  remote: .
  specs:
    ribs (0.0.3-java)

GEM
  remote: http://rubygems.org/
  specs:
    flog (2.5.3)
      ruby_parser (~> 2.0)
      sexp_processor (~> 3.0)
    jbundler (0.3.1)
      ruby-maven (= 3.0.4.0.29.0)
    maven-tools (0.29.3)
    rake (0.9.2.2)
    rspec (1.3.2)
    ruby-maven (3.0.4.0.29.0)
      maven-tools (~> 0.29.1)
      thor (~> 0.14.6)
    ruby_parser (2.3.1)
      sexp_processor (~> 3.0)
    sexp_processor (3.1.0)
    thor (0.14.6)

PLATFORMS
  java

DEPENDENCIES
  flog
  jbundler
  rake
  ribs!
  rspec (~> 1.3)
