GEM
  remote: https://rubygems.org/
  specs:
    bouncy-castle-java (1.5.0146.1)
    jruby-openssl (0.7.6.1)
      bouncy-castle-java (>= 1.5.0146.1)
    rake (0.9.2.2)
    rspec (1.3.2)

PLATFORMS
  java

DEPENDENCIES
  jruby-openssl
  rake
  rspec (~> 1.2)
