PATH
  remote: .
  specs:
    ribs (0.0.3-java)

GEM
  remote: http://rubygems.org/
  specs:
    flog (2.5.3)
      ruby_parser (~> 2.0)
      sexp_processor (~> 3.0)
    rake (0.9.2.2)
    rspec (1.3.2)
    ruby_parser (2.3.1)
      sexp_processor (~> 3.0)
    sexp_processor (3.1.0)

PLATFORMS
  java

DEPENDENCIES
  flog
  rake
  ribs!
  rspec (~> 1.3)
